PATH
  remote: .
  specs:
    romantic_text (0.2.0)

GEM
  remote: https://rubygems.org/
  specs:
    ast (2.4.0)
    jaro_winkler (1.5.3)
    parallel (1.17.0)
    parser (2.6.3.0)
      ast (~> 2.4.0)
    power_assert (1.1.4)
    rainbow (3.0.0)
    rake (13.0.1)
    rr (1.2.1)
    rubocop (0.72.0)
      jaro_winkler (~> 1.5.1)
      parallel (~> 1.10)
      parser (>= 2.6)
      rainbow (>= 2.2.2, < 4.0)
      ruby-progressbar (~> 1.7)
      unicode-display_width (>= 1.4.0, < 1.7)
    ruby-progressbar (1.10.1)
    test-unit (3.3.3)
      power_assert
    test-unit-rr (1.0.5)
      rr (>= 1.1.1)
      test-unit (>= 2.5.2)
    unicode-display_width (1.6.0)

PLATFORMS
  ruby

DEPENDENCIES
  bundler (~> 1.17)
  rake (~> 13.0)
  romantic_text!
  rubocop (= 0.72.0)
  test-unit (~> 3.3)
  test-unit-rr (~> 1.0)

BUNDLED WITH
   1.17.2
